GIT
  remote: https://github.com/koombea/saasler-ui-rubygem
  revision: 55e5cef6edf24a8c5541057b41423776b0605c0b
  branch: feature/bootstrap-4
  specs:
    saasler_ui (1.0.0)
      autoprefixer-rails (>= 6.0.3)
      bootstrap (~> 4.0.0.beta2.1)
      sass (>= 3.5.2)

GEM
  remote: https://rubygems.org/
  specs:
    autoprefixer-rails (9.5.1)
      execjs
    bootstrap (4.0.0)
      autoprefixer-rails (>= 6.0.3)
      popper_js (>= 1.12.9, < 2)
      sass (>= 3.5.2)
    concurrent-ruby (1.1.5)
    execjs (2.7.0)
    ffi (1.10.0)
    mustermann (1.0.3)
    popper_js (1.14.5)
    rack (2.0.7)
    rack-protection (2.0.5)
      rack
    rb-fsevent (0.10.3)
    rb-inotify (0.10.0)
      ffi (~> 1.0)
    sass (3.7.4)
      sass-listen (~> 4.0.0)
    sass-listen (4.0.0)
      rb-fsevent (~> 0.9, >= 0.9.4)
      rb-inotify (~> 0.9, >= 0.9.7)
    sinatra (2.0.5)
      mustermann (~> 1.0)
      rack (~> 2.0)
      rack-protection (= 2.0.5)
      tilt (~> 2.0)
    sprockets (3.7.2)
      concurrent-ruby (~> 1.0)
      rack (> 1, < 3)
    tilt (2.0.9)

PLATFORMS
  ruby

DEPENDENCIES
  saasler_ui!
  sass
  sinatra
  sprockets

BUNDLED WITH
   1.17.2
